PATH
  remote: .
  specs:
    js_assets (0.0.1)
      execjs (~> 1.4)

GEM
  remote: https://rubygems.org/
  specs:
    diff-lcs (1.2.4)
    execjs (1.4.0)
      multi_json (~> 1.0)
    multi_json (1.7.3)
    rake (10.0.4)
    rspec (2.14.0.rc1)
      rspec-core (= 2.14.0.rc1)
      rspec-expectations (= 2.14.0.rc1)
      rspec-mocks (= 2.14.0.rc1)
    rspec-core (2.14.0.rc1)
    rspec-expectations (2.14.0.rc1)
      diff-lcs (>= 1.1.3, < 2.0)
    rspec-mocks (2.14.0.rc1)

PLATFORMS
  ruby

DEPENDENCIES
  bundler (~> 1.3)
  js_assets!
  rake
  rspec (~> 2.14.0.rc1)
